GEM
  remote: https://rubygems.org/
  specs:

PLATFORMS
  x86_64-linux

DEPENDENCIES

RUBY VERSION
   ruby 2.5.3p105

BUNDLED WITH
   2.2.26
